GEM
  remote: https://rubygems.org/
  specs:
    alfred-workflow (1.8.0)
      plist (>= 3.1.0)
    bindata (2.0.0)
    configatron (3.1.3)
    lifx (0.4.6.1)
      bindata (~> 2.0)
      configatron (~> 3.0)
      timers (~> 1.0)
    plist (3.1.0)
    timers (1.1.0)

PLATFORMS
  ruby

DEPENDENCIES
  alfred-workflow
  lifx
  plist
